GEM
  remote: https://rubygems.org/
  specs:
    diff-lcs (1.2.4)
    excel_to_code (0.1.11)
      ffi (>= 1.0.11)
      nokogiri (>= 1.5.0)
      rspec (>= 2.7.0)
      rubypeg
    ffi (1.9.0)
    haml (4.0.3)
      tilt
    json (1.7.7)
    mini_portile (0.5.0)
    minitest (4.7.4)
    nokogiri (1.6.0)
      mini_portile (~> 0.5.0)
    rack (1.5.2)
    rack-protection (1.5.0)
      rack
    rspec (2.13.0)
      rspec-core (~> 2.13.0)
      rspec-expectations (~> 2.13.0)
      rspec-mocks (~> 2.13.0)
    rspec-core (2.13.1)
    rspec-expectations (2.13.0)
      diff-lcs (>= 1.1.3, < 2.0)
    rspec-mocks (2.13.1)
    rubypeg (0.0.4)
      rubyscriptwriter
    rubyscriptwriter (0.0.2)
    sinatra (1.4.2)
      rack (~> 1.5, >= 1.5.2)
      rack-protection (~> 1.4)
      tilt (~> 1.3, >= 1.3.4)
    tilt (1.4.0)

PLATFORMS
  ruby

DEPENDENCIES
  excel_to_code
  ffi
  haml
  json
  minitest
  sinatra
