GIT
  remote: ../excel_to_code
  revision: ca19b181b2365b0b2d43cf228d95a12691591165
  branch: master
  specs:
    excel_to_code (0.1.5)
      ffi (>= 1.0.11)
      nokogiri (>= 1.5.0)
      rspec (>= 2.7.0)
      rubypeg

GEM
  remote: https://rubygems.org/
  specs:
    diff-lcs (1.2.1)
    ffi (1.6.0)
    json (1.7.7)
    minitest (4.7.0)
    nokogiri (1.5.9)
    rack (1.5.2)
    rack-protection (1.5.0)
      rack
    rspec (2.13.0)
      rspec-core (~> 2.13.0)
      rspec-expectations (~> 2.13.0)
      rspec-mocks (~> 2.13.0)
    rspec-core (2.13.1)
    rspec-expectations (2.13.0)
      diff-lcs (>= 1.1.3, < 2.0)
    rspec-mocks (2.13.0)
    rubypeg (0.0.4)
      rubyscriptwriter
    rubyscriptwriter (0.0.2)
    sinatra (1.4.2)
      rack (~> 1.5, >= 1.5.2)
      rack-protection (~> 1.4)
      tilt (~> 1.3, >= 1.3.4)
    tilt (1.3.6)

PLATFORMS
  ruby

DEPENDENCIES
  excel_to_code!
  json
  minitest
  sinatra
